GEM
  remote: https://rubygems.org/
  specs:
    rotp (6.2.0)

PLATFORMS
  ruby

DEPENDENCIES
  rotp

BUNDLED WITH
   2.3.17
