GEM
  remote: https://rubygems.org/
  specs:
    addressable (2.8.0)
      public_suffix (>= 2.0.2, < 5.0)
    public_suffix (4.0.6)
    rotp (6.0.0)
      addressable (~> 2.7)

PLATFORMS
  ruby

DEPENDENCIES
  rotp

BUNDLED WITH
   2.1.4
